PATH
  remote: .
  specs:
    solusvm (1.4.0)
      faraday (~> 0.8.0rc2)
      thor (>= 0.16.0)
      xml-simple (~> 1.1.1)

PATH
  remote: ~/work/rake-tomdoc
  specs:
    rake-tomdoc (0.0.1)
      rake
      yard-tomdoc (~> 0.7.1)

GEM
  remote: http://rubygems.org/
  specs:
    fakeweb (1.3.0)
    faraday (0.8.8)
      multipart-post (~> 1.2.0)
    metaclass (0.0.1)
    mocha (0.12.10)
      metaclass (~> 0.0.1)
    multipart-post (1.2.0)
    rake (0.9.2.2)
    redgreen (1.2.2)
    thor (0.18.1)
    tomparse (0.4.2)
    vcr (2.2.5)
    xml-simple (1.1.2)
    yard (0.8.7.1)
    yard-tomdoc (0.7.1)
      tomparse (>= 0.4.0)
      yard

PLATFORMS
  ruby

DEPENDENCIES
  fakeweb (~> 1.3.0)
  mocha (~> 0.12.3)
  rake (~> 0.9.2.2)
  rake-tomdoc!
  redgreen (~> 1.2.2)
  solusvm!
  vcr (~> 2.2.4)
